GEM
  remote: http://rubygems.org/
  specs:
    aaronh-chronic (0.3.9)
    abstract (1.0.0)
    actionmailer (3.0.5)
      actionpack (= 3.0.5)
      mail (~> 2.2.15)
    actionpack (3.0.5)
      activemodel (= 3.0.5)
      activesupport (= 3.0.5)
      builder (~> 2.1.2)
      erubis (~> 2.6.6)
      i18n (~> 0.4)
      rack (~> 1.2.1)
      rack-mount (~> 0.6.13)
      rack-test (~> 0.5.7)
      tzinfo (~> 0.3.23)
    activemodel (3.0.5)
      activesupport (= 3.0.5)
      builder (~> 2.1.2)
      i18n (~> 0.4)
    activerecord (3.0.5)
      activemodel (= 3.0.5)
      activesupport (= 3.0.5)
      arel (~> 2.0.2)
      tzinfo (~> 0.3.23)
    activeresource (3.0.5)
      activemodel (= 3.0.5)
      activesupport (= 3.0.5)
    activesupport (3.0.5)
    arel (2.0.10)
    attr_required (0.0.3)
    builder (2.1.2)
    contacts (1.2.3)
      gdata (>= 1.1.1)
      json (>= 1.1.1)
    crack (0.1.8)
    deneuxa-contacts (1.2.10)
      fastercsv
      gdata (~> 1.1.1)
      json (~> 1.6.5)
      nokogiri (~> 1.5.0)
    erubis (2.6.6)
      abstract (>= 1.0.0)
    fastercsv (1.5.5)
    fb_graph (1.8.6)
      httpclient (>= 2.2.0.2)
      rack-oauth2 (>= 0.8.0)
    galetahub-simple_captcha (0.1.3)
    gdata (1.1.2)
    googlebooks (0.0.3)
      httparty
    hpricot (0.8.6)
    httparty (0.7.8)
      crack (= 0.1.8)
    httpclient (2.2.1)
    i18n (0.6.0)
    json (1.6.7)
    mail (2.2.19)
      activesupport (>= 2.3.6)
      i18n (>= 0.4.0)
      mime-types (~> 1.16)
      treetop (~> 1.4.8)
    mime-types (1.16)
    mysql (2.8.1)
    mysql (2.8.1-x86-mingw32)
    nokogiri (1.5.5)
    nokogiri (1.5.5-x86-mingw32)
    paperclip (2.3.8)
      activerecord
      activesupport
    pdfkit (0.5.2)
    polyglot (0.3.1)
    rack (1.2.3)
    rack-mount (0.6.14)
      rack (>= 1.0.0)
    rack-oauth2 (0.8.4)
      activesupport (>= 2.3)
      attr_required (>= 0.0.3)
      httpclient (>= 2.2.0.2)
      i18n
      json (>= 1.4.3)
      rack (>= 1.1)
    rack-test (0.5.7)
      rack (>= 1.0)
    rails (3.0.5)
      actionmailer (= 3.0.5)
      actionpack (= 3.0.5)
      activerecord (= 3.0.5)
      activeresource (= 3.0.5)
      activesupport (= 3.0.5)
      bundler (~> 1.0)
      railties (= 3.0.5)
    railties (3.0.5)
      actionpack (= 3.0.5)
      activesupport (= 3.0.5)
      rake (>= 0.8.7)
      thor (~> 0.14.4)
    rake (0.8.7)
    thor (0.14.6)
    treetop (1.4.9)
      polyglot (>= 0.3.1)
    tzinfo (0.3.29)
    whenever (0.6.7)
      aaronh-chronic (>= 0.3.9)
      activesupport (>= 2.3.4)
    will_paginate (3.0.pre2)
    wkhtmltopdf (0.1.2)

PLATFORMS
  ruby
  x86-mingw32

DEPENDENCIES
  contacts
  deneuxa-contacts (~> 1.2.10)
  fastercsv (~> 1.5.5)
  fb_graph (~> 1.8.5)
  galetahub-simple_captcha
  googlebooks
  hpricot
  httparty
  mail
  mysql
  paperclip (= 2.3.8)
  pdfkit
  rails (= 3.0.5)
  rake (= 0.8.7)
  whenever (= 0.6.7)
  will_paginate (= 3.0.pre2)
  wkhtmltopdf
